PATH
  remote: .
  specs:
    ics (0.1)

GEM
  remote: http://rubygems.org/
  specs:
    ZenTest (4.8.3)
    autotest (4.4.6)
      ZenTest (>= 4.4.1)
    awesome_print (1.1.0)
    diff-lcs (1.1.3)
    rspec (2.12.0)
      rspec-core (~> 2.12.0)
      rspec-expectations (~> 2.12.0)
      rspec-mocks (~> 2.12.0)
    rspec-core (2.12.2)
    rspec-expectations (2.12.1)
      diff-lcs (~> 1.1.3)
    rspec-mocks (2.12.1)

PLATFORMS
  ruby

DEPENDENCIES
  autotest
  awesome_print
  ics!
  rspec
